GEM
  remote: https://rubygems.org/
  specs:
    zip (2.0.2)

PLATFORMS
  x64-mingw32

DEPENDENCIES
  zip

RUBY VERSION
   ruby 2.3.0p0

BUNDLED WITH
   1.13.6
